GEM
  remote: https://rubygems.org/
  specs:
    coffee-script (2.2.0)
      coffee-script-source
      execjs
    coffee-script-source (1.7.0)
    execjs (2.0.2)
    jruby-jars (1.7.12)
    rack (1.5.2)
    rack-protection (1.5.2)
      rack
    rake (10.3.1)
    sass (3.3.0)
      rake
    sinatra (1.4.4)
      rack (~> 1.4)
      rack-protection (~> 1.4)
      tilt (~> 1.3, >= 1.3.4)
    slim (2.0.2)
      temple (~> 0.6.6)
      tilt (>= 1.3.3, < 2.1)
    temple (0.6.7)
    tilt (1.4.1)
    zxing (0.3.1)
      jruby-jars

PLATFORMS
  java
  ruby

DEPENDENCIES
  coffee-script
  rake (= 10.3.1)
  sass
  sinatra
  slim
  zxing
